GEM
  remote: https://rubygems.org/
  specs:
    coderay (1.1.1)
    fast_gettext (0.9.2)
    ffi (1.9.14-x86-mingw32)
    get_pomo (0.9.2)
    jekyll-gettext-plugin (0.0.3)
      fast_gettext (~> 0.8)
      get_pomo (~> 0.6)
    jekyll-watch (1.5.0)
      listen (~> 3.0, < 3.1)
    kramdown (1.12.0)
    listen (3.0.8)
      rb-fsevent (~> 0.9, >= 0.9.4)
      rb-inotify (~> 0.9, >= 0.9.7)
    method_source (0.8.2)
    pry (0.10.4)
      coderay (~> 1.1.0)
      method_source (~> 0.8.1)
      slop (~> 3.4)
    rb-fsevent (0.9.7)
    rb-inotify (0.9.7)
      ffi (>= 0.5.0)
    slop (3.6.0)

PLATFORMS
  x86-mingw32

DEPENDENCIES
  fast_gettext
  get_pomo
  jekyll-gettext-plugin
  jekyll-watch
  kramdown
  pry

BUNDLED WITH
   1.12.5
